GEM
  remote: https://rubygems.org/
  specs:
    pik (0.2.8)

PLATFORMS
  x64-mingw32

DEPENDENCIES
  pik (= 0.2.8)
